GIT
  remote: git://github.com/bearded/perftools.rb.git
  revision: df73f93e4dda8953e77ba3be2945f4bf806b07cf
  branch: perftools-1.8
  specs:
    perftools.rb (0.5.6)

GEM
  remote: http://rubygems.org/
  specs:
    coderay (0.9.8)
    method_source (0.6.7)
      ruby_parser (>= 2.3.1)
    pry (0.9.7.4)
      coderay (~> 0.9.8)
      method_source (~> 0.6.7)
      ruby_parser (>= 2.3.1)
      slop (~> 2.1.0)
    ruby_parser (2.3.1)
      sexp_processor (~> 3.0)
    sexp_processor (3.0.10)
    slop (2.1.0)

PLATFORMS
  ruby

DEPENDENCIES
  perftools.rb!
  pry (~> 0.9.7.4)
